RESTRICTION: == net45
NUGET
  remote: https://vrvis.myget.org/F/aardvark_public/api/v3/index.json
    Aardvark.Base (3.0.28)
      DevILSharp (>= 0.0.11 < 0.1)
    Aardvark.Base.Essentials (3.0.28)
      Aardvark.Base (>= 3.0.28)
      System.Collections.Immutable (>= 1.2)
      System.Reactive.Linq (>= 3.0 < 3.1)
    Aardvark.Base.FSharp (3.0.28)
      Aardvark.Base (>= 3.0.28)
      DevILSharp (>= 0.0.11 < 0.1)
    Aardvark.Base.Incremental (3.0.28)
      Aardvark.Base (>= 3.0.28)
      Aardvark.Base.Essentials (>= 3.0.28)
      Aardvark.Base.FSharp (>= 3.0.28)
      System.Reactive.Core (>= 3.0 < 3.1)
      System.Reactive.Interfaces (>= 3.0 < 3.1)
      System.Reactive.Linq (>= 3.0 < 3.1)
  remote: https://api.nuget.org/v3/index.json
    DevILSharp (0.0.13)
    FsPickler (3.3)
    FsPickler.Json (3.3)
      FsPickler (3.3)
      Newtonsoft.Json (>= 6.0.5)
    Newtonsoft.Json (10.0.3)
    System.Collections.Immutable (1.3.1)
    System.Reactive.Core (3.0)
      System.Reactive.Interfaces (>= 3.0)
    System.Reactive.Interfaces (3.0)
    System.Reactive.Linq (3.0)
      System.Reactive.Core (>= 3.0)
      System.Reactive.Interfaces (>= 3.0)

GROUP Build
CONTENT: NONE
RESTRICTION: == net45
NUGET
  remote: https://api.nuget.org/v3/index.json
    Chessie (0.6) - content: none
      FSharp.Core
    FAKE (4.62.6) - content: none
    FSharp.Compiler.Tools (4.1.23) - content: none
    FSharp.Core (4.2.1) - content: none
    Mono.Cecil (0.10.0-beta6) - content: none
    Newtonsoft.Json (10.0.3) - content: none
    Paket.Core (5.5.3) - content: none
      Chessie (>= 0.6)
      FSharp.Compiler.Tools
      FSharp.Core
      Mono.Cecil (>= 0.10.0-beta6)
      Newtonsoft.Json
    SourceLink.Fake (1.1) - content: none
GITHUB
  remote: vrvis/Aardvark.Fake
    FULLPROJECT (8c98f8570ca158ddfbe32d1132a5e020a5fdd447)
      Chessie (>= 0.6)
      FAKE (>= 4.62.1 < 4.63)
      Mono.Cecil
      Paket.Core (>= 5.5.3 < 5.6)
      SourceLink.Fake (>= 1.1 < 1.2)